GIT
  remote: https://github.com/cstrahan/bundler.git
  revision: b233205ec4b474e97c8dc40be9c53a41a70df0e3
  ref: b233205ec4b474e97c8dc40be9c53a41a70df0e3
  specs:

PATH
  remote: .
  specs:
    bundix (0.1.0)
      bundler (~> 1.7.9)
      thor (~> 0.19.1)

GEM
  remote: https://rubygems.org/
  specs:
    thor (0.19.1)

PLATFORMS
  ruby

DEPENDENCIES
  bundix!
  bundler!
