GEM
  remote: https://rubygems.org/
  specs:
    hub (1.12.4)

PLATFORMS
  ruby

DEPENDENCIES
  hub (~> 1.12.4)
